GIT
  remote: https://github.com/goynang/toto.git
  revision: 7af9a057ad422c591ff2b70fbd425d50dffb0ebc
  specs:
    toto (0.4.9)
      builder
      rack
      rdiscount

GEM
  remote: https://rubygems.org/
  specs:
    builder (3.1.4)
    rack (1.4.4)
    rdiscount (1.6.8)

PLATFORMS
  ruby

DEPENDENCIES
  builder
  rack (= 1.4.4)
  rdiscount
  toto!
